GEM
  remote: http://rubygems.org/
  specs:
    addressable (2.2.6)
    backports (2.3.0)
    dalli (2.6.0)
    eventmachine (0.12.10)
    haml (3.1.4)
    heroku (2.18.1)
      launchy (>= 0.3.2)
      rest-client (~> 1.6.1)
      rubyzip
      term-ansicolor (~> 1.0.5)
    kgio (2.7.2)
    launchy (2.0.5)
      addressable (~> 2.2.6)
    mime-types (1.17.2)
    r18n-core (0.4.13)
    rack (1.4.0)
    rack-cache (1.2)
      rack (>= 0.4)
    rack-protection (1.2.0)
      rack
    rack-test (0.6.1)
      rack (>= 1.0)
    raindrops (0.8.0)
    rest-client (1.6.7)
      mime-types (>= 1.16)
    rubyzip (0.9.5)
    sinatra (1.3.2)
      rack (~> 1.3, >= 1.3.6)
      rack-protection (~> 1.2)
      tilt (~> 1.3, >= 1.3.3)
    sinatra-contrib (1.3.1)
      backports (>= 2.0)
      eventmachine
      rack-protection
      rack-test
      sinatra (~> 1.3.0)
      tilt (~> 1.3)
    sinatra-initializers (0.1.4)
    sinatra-r18n (0.4.13)
      r18n-core (= 0.4.13)
      sinatra (>= 1.3)
    sinatra-reloader (1.0)
      sinatra-contrib
    term-ansicolor (1.0.7)
    tilt (1.3.3)
    unicorn (4.1.1)
      kgio (~> 2.4)
      rack
      raindrops (~> 0.6)

PLATFORMS
  ruby

DEPENDENCIES
  dalli
  haml
  heroku
  rack-cache
  sinatra
  sinatra-initializers
  sinatra-r18n
  sinatra-reloader
  unicorn
